GEM
  remote: http://rubygems.org/
  remote: https://BnrJb6FZyzspBboNJzYZ@gem.fury.io/govuk/
  specs:
    kramdown (0.14.2)
    mustache (0.99.4)

PLATFORMS
  ruby

DEPENDENCIES
  kramdown
  mustache
